GEM
  remote: https://zdrepo.jfrog.io/zdrepo/api/gems/gems-local/
  specs:
    zendesk_i18n_dev_tools (1.1.7)

PLATFORMS
  ruby

DEPENDENCIES
  zendesk_i18n_dev_tools (= 1.1.7)!

BUNDLED WITH
   1.16.2
